PATH
  remote: .
  specs:
    kramdown-parser-automation (0.0.1)
      kramdown (~> 2.0)

GEM
  remote: https://rubygems.org/
  specs:
    ast (2.4.2)
    kramdown (2.3.1)
      rexml
    minitest (5.15.0)
    parallel (1.21.0)
    parser (3.1.1.0)
      ast (~> 2.4.1)
    rainbow (3.1.1)
    rake (13.0.6)
    regexp_parser (2.2.1)
    rexml (3.2.5)
    rouge (3.28.0)
    rubocop (1.25.1)
      parallel (~> 1.10)
      parser (>= 3.1.0.0)
      rainbow (>= 2.2.2, < 4.0)
      regexp_parser (>= 1.8, < 3.0)
      rexml
      rubocop-ast (>= 1.15.1, < 2.0)
      ruby-progressbar (~> 1.7)
      unicode-display_width (>= 1.4.0, < 3.0)
    rubocop-ast (1.16.0)
      parser (>= 3.1.1.0)
    ruby-progressbar (1.11.0)
    stringex (2.8.5)
    unicode-display_width (2.1.0)

PLATFORMS
  ruby

DEPENDENCIES
  kramdown-parser-automation!
  minitest
  rake
  rouge
  rubocop
  stringex

BUNDLED WITH
   2.1.4
